PATH
  remote: .
  specs:
    ical_parser (0.1.0)
      tzinfo (~> 1.2.5)

GEM
  remote: https://rubygems.org/
  specs:
    minitest (5.11.3)
    rake (10.5.0)
    thread_safe (0.3.6)
    tzinfo (1.2.5)
      thread_safe (~> 0.1)

PLATFORMS
  ruby

DEPENDENCIES
  bundler (~> 1.16)
  ical_parser!
  minitest (~> 5.0)
  rake (~> 10.0)

BUNDLED WITH
   1.16.1
