PATH
  remote: .
  specs:
    ical_parser (0.1.0)
      tzinfo (>= 1.2.5, < 2.1.0)

GEM
  remote: https://rubygems.org/
  specs:
    concurrent-ruby (1.1.10)
    minitest (5.11.3)
    rake (13.0.1)
    tzinfo (2.0.5)
      concurrent-ruby (~> 1.0)

PLATFORMS
  ruby

DEPENDENCIES
  bundler (~> 1.16)
  ical_parser!
  minitest (~> 5.0)
  rake (~> 13.0)

BUNDLED WITH
   1.16.1
